GEM
  remote: http://rubygems.org/
  specs:
    activesupport (3.1.0)
      multi_json (~> 1.0)
    addressable (2.2.6)
    faraday (0.7.4)
      addressable (~> 2.2.6)
      multipart-post (~> 1.1.0)
      rack (>= 1.1.0, < 2)
    faraday_middleware (0.7.0)
      faraday (~> 0.7.3)
    hashie (1.1.0)
    htmlentities (4.3.0)
    i18n (0.6.0)
    multi_json (1.0.3)
    multi_xml (0.3.0)
    multipart-post (1.1.3)
    rack (1.3.2)
    rainbow (1.1.1)
    simple_oauth (0.1.5)
    trollop (1.16.2)
    twitter (1.7.1)
      faraday (~> 0.7.4)
      faraday_middleware (~> 0.7.0)
      hashie (~> 1.1.0)
      multi_json (~> 1.0.0)
      multi_xml (~> 0.3.0)
      simple_oauth (~> 0.1.5)

PLATFORMS
  ruby

DEPENDENCIES
  activesupport
  htmlentities
  i18n
  rainbow
  trollop
  twitter
